PATH
  remote: .
  specs:
    mail_view (2.0.1)
      tilt

GEM
  remote: https://rubygems.org/
  specs:
    mail (2.6.6)
      mime-types (>= 1.16, < 4)
    mime-types (3.1)
      mime-types-data (~> 3.2015)
    mime-types-data (3.2016.0521)
    rack (2.0.3)
    rack-test (0.7.0)
      rack (>= 1.0, < 3)
    rake (12.1.0)
    tilt (2.0.8)
    tmail (1.2.7.1)

PLATFORMS
  ruby

DEPENDENCIES
  mail (~> 2.2)
  mail_view!
  rack-test (~> 0.6)
  rake
  tmail (~> 1.2)

BUNDLED WITH
   1.15.4
